GEM
  remote: https://rubygems.org/
  specs:
    indeed (0.1.2)
      rake
      yajl-ruby
    rack (1.6.4)
    rack-protection (1.5.3)
      rack
    rake (10.4.2)
    sinatra (1.4.6)
      rack (~> 1.4)
      rack-protection (~> 1.4)
      tilt (>= 1.3, < 3)
    tilt (2.0.1)
    yajl-ruby (1.2.1)

PLATFORMS
  ruby

DEPENDENCIES
  indeed (~> 0.1.2)
  sinatra (~> 1.4.6)
